RESTRICTION: >= net45
NUGET
  remote: https://api.nuget.org/v3/index.json
    FAKE (5.0.0-beta010)
    xunit.runner.console (2.3.1)
