RESTRICTION: >= net45
NUGET
  remote: http://api.nuget.org/v3/index.json
    Argu (2.1)
    FAKE (4.17.1)
    FParsec (1.0.2)
    FSharp.Core (4.0.0.1)
    FsUnit.xUnit (1.4.1)
      FSharp.Core (>= 3.1.2.5)
      xunit (2.1)
    Microsoft.CodeAnalysis.Analyzers (1.1)
    Microsoft.CodeAnalysis.Common (1.1.1)
      Microsoft.CodeAnalysis.Analyzers (>= 1.1)
      System.Collections.Immutable (>= 1.1.37)
      System.Reflection.Metadata (>= 1.1)
    Microsoft.CodeAnalysis.CSharp (1.1.1)
      Microsoft.CodeAnalysis.Common (1.1.1)
    Microsoft.CodeAnalysis.CSharp.Workspaces (1.1.1)
      Microsoft.CodeAnalysis.CSharp (1.1.1)
      Microsoft.CodeAnalysis.Workspaces.Common (1.1.1)
    Microsoft.CodeAnalysis.Workspaces.Common (1.1.1)
      Microsoft.CodeAnalysis.Common (1.1.1)
      Microsoft.Composition (>= 1.0.27)
    Microsoft.Composition (1.0.30)
    NuGet.CommandLine (3.3)
    protobuf-net (2.0.0.668)
    SourceLink.Fake (1.1)
    System.Collections.Immutable (1.1.37)
    System.Reflection.Metadata (1.1)
      System.Collections.Immutable (>= 1.1.37)
    xunit (2.1)
      xunit.assert (2.1)
      xunit.core (2.1)
    xunit.abstractions (2.0)
    xunit.assert (2.1)
    xunit.core (2.1)
      xunit.extensibility.core (2.1)
      xunit.extensibility.execution (2.1)
    xunit.extensibility.core (2.1)
      xunit.abstractions (2.0)
    xunit.extensibility.execution (2.1)
      xunit.extensibility.core (2.1)
    xunit.runner.console (2.1)
    xunit.runner.visualstudio (2.1.0) - version_in_path: true
GITHUB
  remote: fsprojects/FSharp.TypeProviders.StarterPack
    src/ProvidedTypes.fs (1341256f7cc11f09feb74edde028aa0513c53afd)
    src/ProvidedTypes.fsi (1341256f7cc11f09feb74edde028aa0513c53afd)
  remote: fsprojects/FSharp.Configuration
    src/FSharp.Configuration/TypeProviders.Helper.fs (2bd57b3043efc44d1f9b74f9942159a3853291d1)